GEM
  remote: http://rubygems.org/
  specs:
    oauth (0.4.4)
    rack (1.2.1)
    rack-openid (1.2.0)
      rack (>= 1.1.0)
      ruby-openid (>= 2.1.8)
    ruby-openid (2.1.8)
    ruby-openid-apps-discovery (1.2.0)
      ruby-openid (>= 2.1.7)
    sinatra (1.1.0)
      rack (~> 1.1)
      tilt (~> 1.1)
    tilt (1.1)

PLATFORMS
  ruby

DEPENDENCIES
  oauth
  rack-openid
  ruby-openid
  ruby-openid-apps-discovery
  sinatra
