GEM
  remote: http://rubygems.org/
  specs:
    columnize (0.3.2)
    gmail_xoauth (0.2.0)
      oauth (>= 0.3.6)
    linecache (0.43)
    oauth (0.4.4)
    rack (1.2.1)
    rack-openid (1.2.0)
      rack (>= 1.1.0)
      ruby-openid (>= 2.1.8)
    ruby-debug (0.10.4)
      columnize (>= 0.1)
      ruby-debug-base (~> 0.10.4.0)
    ruby-debug-base (0.10.4)
      linecache (>= 0.3)
    ruby-openid (2.1.8)
    ruby-openid-apps-discovery (1.2.0)
      ruby-openid (>= 2.1.7)
    sinatra (1.1.0)
      rack (~> 1.1)
      tilt (~> 1.1)
    tilt (1.1)

PLATFORMS
  ruby

DEPENDENCIES
  gmail_xoauth
  oauth
  rack-openid
  ruby-debug
  ruby-openid
  ruby-openid-apps-discovery
  sinatra
