GEM
  remote: http://rubygems.org/
  specs:
    activesupport (3.0.3)
    backports (1.18.2)
    builder (2.1.2)
    columnize (0.3.2)
    happymapper (0.3.2)
      libxml-ruby (~> 1.1.3)
    libxml-ruby (1.1.4)
    linecache (0.43)
    mime-types (1.16)
    monkey-lib (0.5.4)
      backports
    nokogiri (1.4.3.1)
    oauth (0.4.4)
    pivotal-tracker (0.3.0)
      builder
      happymapper (>= 0.3.2)
      nokogiri (~> 1.4.3.1)
      rest-client (~> 1.6.0)
    rack (1.2.1)
    rack-openid (1.2.0)
      rack (>= 1.1.0)
      ruby-openid (>= 2.1.8)
    rest-client (1.6.1)
      mime-types (>= 1.16)
    ruby-debug (0.10.4)
      columnize (>= 0.1)
      ruby-debug-base (~> 0.10.4.0)
    ruby-debug-base (0.10.4)
      linecache (>= 0.3)
    ruby-openid (2.1.8)
    ruby-openid-apps-discovery (1.2.0)
      ruby-openid (>= 2.1.7)
    sinatra (1.1.0)
      rack (~> 1.1)
      tilt (~> 1.1)
    sinatra-advanced-routes (0.5.1)
      monkey-lib (~> 0.5.0)
      sinatra (~> 1.0)
      sinatra-sugar (~> 0.5.0)
    sinatra-reloader (0.5.0)
      sinatra (~> 1.0)
      sinatra-advanced-routes (~> 0.5.0)
    sinatra-sugar (0.5.0)
      monkey-lib (~> 0.5.0)
      sinatra (~> 1.0)
    tilt (1.1)

PLATFORMS
  ruby

DEPENDENCIES
  activesupport
  oauth
  pivotal-tracker
  rack-openid
  ruby-debug
  ruby-openid
  ruby-openid-apps-discovery
  sinatra
  sinatra-reloader
